GEM
  remote: https://rubygems.org/
  specs:
    liquid (5.4.0)

PLATFORMS
  x86_64-linux

DEPENDENCIES
  liquid

BUNDLED WITH
   2.4.13
